GEM
  remote: http://rubygems.org/
  specs:
    activesupport (2.3.8)
    addressable (2.1.2)
    builder (2.1.2)
    data_objects (0.10.2)
      addressable (~> 2.1)
    dm-aggregates (1.0.0)
      dm-core (~> 1.0.0)
    dm-core (1.0.0)
      addressable (~> 2.1)
      extlib (~> 0.9.15)
    dm-do-adapter (1.0.0)
      data_objects (~> 0.10.1)
      dm-core (~> 1.0.0)
    dm-migrations (1.0.0)
      dm-core (~> 1.0.0)
    dm-sqlite-adapter (1.0.0)
      dm-do-adapter (~> 1.0.0)
      do_sqlite3 (~> 0.10.2)
    dm-validations (1.0.0)
      dm-core (~> 1.0.0)
    do_sqlite3 (0.10.2)
      data_objects (= 0.10.2)
    extlib (0.9.15)
    fakeweb (1.2.8)
    git (1.2.5)
    haml (3.0.13)
    http_router (0.3.5)
      rack (>= 1.0)
      url_mount (>= 0.2.1)
    i18n (0.4.1)
    mail (2.2.5)
      activesupport (>= 2.3.6)
      mime-types
      treetop (>= 1.4.5)
    mime-types (1.16)
    mocha (0.9.8)
      rake
    nokogiri (1.4.2)
    polyglot (0.3.1)
    rack (1.2.1)
    rack-test (0.5.4)
      rack (>= 1.0)
    rake (0.8.7)
    shoulda (2.11.1)
    sinatra (1.0)
      rack (>= 1.0)
    thor (0.13.8)
    treetop (1.4.8)
      polyglot (>= 0.3.1)
    url_mount (0.2.1)
      rack
    webrat (0.7.1)
      nokogiri (>= 1.2.0)
      rack (>= 1.0)
      rack-test (>= 0.5.3)

PLATFORMS
  ruby

DEPENDENCIES
  activesupport (>= 2.3.8)
  builder (>= 2.1.2)
  bundler (>= 0.9.7)
  dm-aggregates (>= 1.0)
  dm-core (>= 1.0)
  dm-migrations (>= 1.0)
  dm-sqlite-adapter (>= 1.0)
  dm-validations (>= 1.0)
  fakeweb (>= 1.2.8)
  git
  haml (>= 2.2.22)
  http_router (>= 0.3.3)
  i18n (>= 0.4.1)
  mail (>= 2.2.0)
  mocha (>= 0.9.8)
  rack-test (>= 0.5.0)
  rake (>= 0.8.7)
  shoulda (>= 2.10.3)
  sinatra (>= 1.0.0)
  thor (>= 0.13.0)
  webrat (>= 0.5.1)
